PATH
  remote: .
  specs:
    rails-html-sanitizer-jruby (1.0.1)
      htmlentities (~> 4.3.4)
      rails-html-sanitizer (~> 1.3.0)

GEM
  remote: https://rubygems.org/
  specs:
    crass (1.0.6)
    htmlentities (4.3.4)
    loofah (2.7.0)
      crass (~> 1.0.2)
      nokogiri (>= 1.5.9)
    mini_portile2 (2.4.0)
    minitest (5.14.2)
    nokogiri (1.10.10)
      mini_portile2 (~> 2.4.0)
    rails-html-sanitizer (1.3.0)
      loofah (~> 2.3)
    rake (13.0.1)

PLATFORMS
  ruby

DEPENDENCIES
  bundler (~> 1.3)
  minitest
  rails-html-sanitizer-jruby!
  rake

BUNDLED WITH
   1.17.2
